GEM
  remote: https://rubygems.org/
  specs:
    minitar (0.6.1)
    parseconfig (1.0.8)

PLATFORMS
  ruby

DEPENDENCIES
  minitar
  parseconfig

BUNDLED WITH
   1.14.6
